PATH
  remote: .
  specs:
    fluent-plugin-scalyr (0.9.1)
      ffi (= 1.15.5)
      fluentd (>= 0.14.0, < 2)
      rbzip2 (= 0.3.0)
      zlib

GEM
  remote: https://rubygems.org/
  specs:
    ast (2.4.2)
    concurrent-ruby (1.3.3)
    cool.io (1.8.1)
    ffi (1.15.5)
    flexmock (1.3.3)
    fluentd (1.16.5)
      bundler
      cool.io (>= 1.4.5, < 2.0.0)
      http_parser.rb (>= 0.5.1, < 0.9.0)
      msgpack (>= 1.3.1, < 2.0.0)
      serverengine (>= 2.3.2, < 3.0.0)
      sigdump (~> 0.2.5)
      strptime (>= 0.2.4, < 1.0.0)
      tzinfo (>= 1.0, < 3.0)
      tzinfo-data (~> 1.0)
      webrick (~> 1.4)
      yajl-ruby (~> 1.0)
    http_parser.rb (0.8.0)
    msgpack (1.7.2)
    parallel (1.22.1)
    parser (3.2.1.1)
      ast (~> 2.4.1)
    power_assert (2.0.3)
    rainbow (3.1.1)
    rake (13.0.6)
    rbzip2 (0.3.0)
    regexp_parser (2.7.0)
    rexml (3.3.9)
    rubocop (0.93.1)
      parallel (~> 1.10)
      parser (>= 2.7.1.5)
      rainbow (>= 2.2.2, < 4.0)
      regexp_parser (>= 1.8)
      rexml
      rubocop-ast (>= 0.6.0)
      ruby-progressbar (~> 1.7)
      unicode-display_width (>= 1.4.0, < 2.0)
    rubocop-ast (1.28.0)
      parser (>= 3.2.1.0)
    ruby-progressbar (1.13.0)
    serverengine (2.3.2)
      sigdump (~> 0.2.2)
    sigdump (0.2.5)
    strptime (0.2.5)
    test-unit (3.5.7)
      power_assert
    tzinfo (2.0.6)
      concurrent-ruby (~> 1.0)
    tzinfo-data (1.2024.1)
      tzinfo (>= 1.0.0)
    unicode-display_width (1.8.0)
    webrick (1.8.1)
    yajl-ruby (1.4.3)
    zlib (3.1.1)

PLATFORMS
  ruby

DEPENDENCIES
  flexmock (~> 1.2)
  fluent-plugin-scalyr!
  rake (~> 13.0)
  rubocop (~> 0.4)
  test-unit (~> 3.0)

BUNDLED WITH
   2.3.26
