PATH
  remote: .
  specs:
    fluent-plugin-scalyr (0.8.10)
      ffi (= 1.9.25)
      fluentd (>= 0.14.0, < 2)
      rbzip2 (= 0.3.0)
      zlib

GEM
  remote: https://rubygems.org/
  specs:
    concurrent-ruby (1.1.6)
    cool.io (1.6.0)
    ffi (1.9.25)
    flexmock (1.3.3)
    fluentd (1.11.1)
      cool.io (>= 1.4.5, < 2.0.0)
      http_parser.rb (>= 0.5.1, < 0.7.0)
      msgpack (>= 1.3.1, < 2.0.0)
      serverengine (>= 2.0.4, < 3.0.0)
      sigdump (~> 0.2.2)
      strptime (>= 0.2.2, < 1.0.0)
      tzinfo (>= 1.0, < 3.0)
      tzinfo-data (~> 1.0)
      yajl-ruby (~> 1.0)
    http_parser.rb (0.6.0)
    msgpack (1.3.3)
    power_assert (1.2.0)
    rake (0.9.6)
    rbzip2 (0.3.0)
    serverengine (2.2.1)
      sigdump (~> 0.2.2)
    sigdump (0.2.4)
    strptime (0.2.4)
    test-unit (3.3.6)
      power_assert
    tzinfo (2.0.2)
      concurrent-ruby (~> 1.0)
    tzinfo-data (1.2020.1)
      tzinfo (>= 1.0.0)
    yajl-ruby (1.4.1)
    zlib (1.1.0)

PLATFORMS
  ruby

DEPENDENCIES
  bundler (~> 1.9)
  flexmock (~> 1.2)
  fluent-plugin-scalyr!
  rake (~> 0.9)
  test-unit (~> 3.0)

BUNDLED WITH
   1.17.3
